GEM
  remote: http://rubygems.org/
  specs:
    msgpack (0.4.7)
    zmq (2.1.4)

PLATFORMS
  ruby

DEPENDENCIES
  msgpack
  zmq
